GIT
  remote: https://github.com/zilverline/sequent
  revision: 06916d8ba975919adb347c78bba2d24931bd9920
  specs:
    sequent (4.0.0)
      activemodel (>= 5.0, < 6.0.4)
      activerecord (>= 5.0, < 6.0.4)
      bcrypt (~> 3.1)
      i18n
      oj (~> 3)
      parallel (~> 1.20)
      parser (>= 2.6.5, <= 3)
      pg (~> 1.2)
      postgresql_cursor (~> 0.6)
      thread_safe (~> 0.3.6)
      tzinfo (<= 1.2.7)

GEM
  remote: https://rubygems.org/
  specs:
    activemodel (6.0.3.7)
      activesupport (= 6.0.3.7)
    activerecord (6.0.3.7)
      activemodel (= 6.0.3.7)
      activesupport (= 6.0.3.7)
    activesupport (6.0.3.7)
      concurrent-ruby (~> 1.0, >= 1.0.2)
      i18n (>= 0.7, < 2)
      minitest (~> 5.1)
      tzinfo (~> 1.1)
      zeitwerk (~> 2.2, >= 2.2.2)
    ast (2.4.2)
    bcrypt (3.1.16)
    concurrent-ruby (1.1.9)
    database_cleaner (2.0.1)
      database_cleaner-active_record (~> 2.0.0)
    database_cleaner-active_record (2.0.1)
      activerecord (>= 5.a)
      database_cleaner-core (~> 2.0.0)
    database_cleaner-core (2.0.1)
    diff-lcs (1.4.4)
    i18n (1.8.10)
      concurrent-ruby (~> 1.0)
    minitest (5.14.4)
    oj (3.11.5)
    parallel (1.20.1)
    parser (3.0.0.0)
      ast (~> 2.4.1)
    pg (1.2.3)
    postgresql_cursor (0.6.4)
      activerecord (>= 3.1.0)
    rake (13.0.3)
    rspec (3.10.0)
      rspec-core (~> 3.10.0)
      rspec-expectations (~> 3.10.0)
      rspec-mocks (~> 3.10.0)
    rspec-core (3.10.1)
      rspec-support (~> 3.10.0)
    rspec-expectations (3.10.1)
      diff-lcs (>= 1.2.0, < 2.0)
      rspec-support (~> 3.10.0)
    rspec-mocks (3.10.2)
      diff-lcs (>= 1.2.0, < 2.0)
      rspec-support (~> 3.10.0)
    rspec-support (3.10.2)
    thread_safe (0.3.6)
    tzinfo (1.2.7)
      thread_safe (~> 0.1)
    zeitwerk (2.4.2)

PLATFORMS
  x86_64-linux

DEPENDENCIES
  database_cleaner
  rake
  rspec
  sequent!

RUBY VERSION
   ruby 3.0.0p0

BUNDLED WITH
   2.2.5
